PATH
  remote: .
  specs:
    dry_require_spec_helper (0.4.0)

GEM
  remote: https://rubygems.org/
  specs:

PLATFORMS
  ruby

DEPENDENCIES
  dry_require_spec_helper!

BUNDLED WITH
   1.10.6
